GIT
  remote: https://github.com/CocoaPods/CLAide.git
  revision: 00986e2b185c6eca9d30a7d50073f2a819a0f61a
  branch: master
  specs:
    claide (0.7.0)

GIT
  remote: https://github.com/CocoaPods/CocoaPods.git
  revision: b6a5aa699b1f946edfe1423f914d2eb2f0f727a7
  branch: master
  specs:
    cocoapods (0.34.2)
      activesupport (>= 3.2.15, < 4)
      claide (~> 0.7.0)
      cocoapods-core (= 0.34.2)
      cocoapods-downloader (~> 0.7.2)
      cocoapods-plugins (~> 0.3.1)
      cocoapods-trunk (~> 0.3.0)
      cocoapods-try (~> 0.4.1)
      colored (~> 1.2)
      escape (~> 0.0.4)
      json_pure (~> 1.8)
      nap (~> 0.8)
      open4 (~> 1.3)
      xcodeproj (~> 0.19.3)

GIT
  remote: https://github.com/CocoaPods/Core.git
  revision: f971122dd0b94efcb872efbe85c2db9d0166e00f
  branch: master
  specs:
    cocoapods-core (0.34.2)
      activesupport (>= 3.2.15)
      fuzzy_match (~> 2.0.4)
      json_pure (~> 1.8)
      nap (~> 0.8.0)

PATH
  remote: .
  specs:
    cocoapods-trunk (0.3.1)
      json_pure (~> 1.8)
      nap (>= 0.8)
      netrc (= 0.7.8)

GEM
  remote: https://rubygems.org/
  specs:
    activesupport (3.2.19)
      i18n (~> 0.6, >= 0.6.4)
      multi_json (~> 1.0)
    ast (2.0.0)
    astrolabe (1.3.0)
      parser (>= 2.2.0.pre.3, < 3.0)
    bacon (1.2.0)
    cocoapods-downloader (0.7.2)
    cocoapods-plugins (0.3.1)
      nap
    cocoapods-try (0.4.1)
    codeclimate-test-reporter (0.4.1)
      simplecov (>= 0.7.1, < 1.0.0)
    colored (1.2)
    docile (1.1.5)
    escape (0.0.4)
    ffi (1.9.6)
    fuzzy_match (2.0.4)
    i18n (0.6.11)
    json_pure (1.8.1)
    kicker (3.0.0)
      listen (~> 1.3.0)
      notify (~> 0.5.2)
    listen (1.3.1)
      rb-fsevent (>= 0.9.3)
      rb-inotify (>= 0.9)
      rb-kqueue (>= 0.2)
    metaclass (0.0.4)
    mocha (1.1.0)
      metaclass (~> 0.0.1)
    mocha-on-bacon (0.2.2)
      mocha (>= 0.13.0)
    multi_json (1.10.1)
    nap (0.8.0)
    netrc (0.7.8)
    notify (0.5.2)
    open4 (1.3.4)
    parser (2.2.0.pre.5)
      ast (>= 1.1, < 3.0)
      slop (~> 3.4, >= 3.4.5)
    powerpack (0.0.9)
    prettybacon (0.0.2)
      bacon (~> 1.2)
    rainbow (2.0.0)
    rake (10.3.2)
    rb-fsevent (0.9.4)
    rb-inotify (0.9.5)
      ffi (>= 0.5.0)
    rb-kqueue (0.2.3)
      ffi (>= 0.5.0)
    rubocop (0.26.1)
      astrolabe (~> 1.3)
      parser (>= 2.2.0.pre.4, < 3.0)
      powerpack (~> 0.0.6)
      rainbow (>= 1.99.1, < 3.0)
      ruby-progressbar (~> 1.4)
    ruby-progressbar (1.6.0)
    simplecov (0.9.1)
      docile (~> 1.1.0)
      multi_json (~> 1.0)
      simplecov-html (~> 0.8.0)
    simplecov-html (0.8.0)
    slop (3.6.0)
    xcodeproj (0.19.3)
      activesupport (~> 3.0)
      colored (~> 1.2)

PLATFORMS
  ruby

DEPENDENCIES
  bacon
  bundler (~> 1.3)
  claide!
  cocoapods!
  cocoapods-core!
  cocoapods-trunk!
  codeclimate-test-reporter
  kicker
  mocha
  mocha-on-bacon
  prettybacon
  rake
  rubocop
