GIT
  remote: https://github.com/CocoaPods/CLAide.git
  revision: 8a8f26fb5d6e2b0d604bdb3c2cca14fab4f80adc
  branch: master
  specs:
    claide (1.0.1)

GIT
  remote: https://github.com/CocoaPods/CocoaPods.git
  revision: 670952b563febda786895f9df80286a2e683d086
  branch: master
  specs:
    cocoapods (1.1.0)
      activesupport (>= 4.0.2, < 5)
      claide (>= 1.0.1, < 2.0)
      cocoapods-core (= 1.1.0)
      cocoapods-deintegrate (>= 1.0.1, < 2.0)
      cocoapods-downloader (>= 1.1.2, < 2.0)
      cocoapods-plugins (>= 1.0.0, < 2.0)
      cocoapods-search (>= 1.0.0, < 2.0)
      cocoapods-stats (>= 1.0.0, < 2.0)
      cocoapods-trunk (= 1.1.2)
      cocoapods-try (>= 1.1.0, < 2.0)
      colored (~> 1.2)
      escape (~> 0.0.4)
      fourflusher (~> 2.0.1)
      gh_inspector (~> 1.0)
      molinillo (~> 0.5.1)
      nap (~> 1.0)
      xcodeproj (>= 1.3.2, < 2.0)

GIT
  remote: https://github.com/CocoaPods/Core.git
  revision: 92b15bb175facbf57839fa08c44194ab9b8b80b2
  branch: master
  specs:
    cocoapods-core (1.1.0)
      activesupport (>= 4.0.2, < 5)
      fuzzy_match (~> 2.0.4)
      nap (~> 1.0)

GIT
  remote: https://github.com/segiddins/json.git
  revision: a9588bc4334c2f5bf985f255b61c05eafdcd8907
  branch: seg-1.7.7-ruby-2.2
  specs:
    json (1.7.7)

PATH
  remote: .
  specs:
    cocoapods-trunk (1.1.2)
      nap (>= 0.8, < 2.0)
      netrc (= 0.7.8)

GEM
  remote: https://rubygems.org/
  specs:
    activesupport (4.2.7.1)
      i18n (~> 0.7)
      json (~> 1.7, >= 1.7.7)
      minitest (~> 5.1)
      thread_safe (~> 0.3, >= 0.3.4)
      tzinfo (~> 1.1)
    addressable (2.3.8)
    ast (2.2.0)
    bacon (1.2.0)
    cocoapods-deintegrate (1.0.1)
    cocoapods-downloader (1.1.2)
    cocoapods-plugins (1.0.0)
      nap
    cocoapods-search (1.0.0)
    cocoapods-stats (1.0.0)
    cocoapods-try (1.1.0)
    codeclimate-test-reporter (0.4.7)
      simplecov (>= 0.7.1, < 1.0.0)
    colored (1.2)
    crack (0.4.2)
      safe_yaml (~> 1.0.0)
    docile (1.1.5)
    escape (0.0.4)
    ffi (1.9.10)
    fourflusher (2.0.1)
    fuzzy_match (2.0.4)
    gh_inspector (1.0.2)
    i18n (0.7.0)
    kicker (3.0.0)
      listen (~> 1.3.0)
      notify (~> 0.5.2)
    listen (1.3.1)
      rb-fsevent (>= 0.9.3)
      rb-inotify (>= 0.9)
      rb-kqueue (>= 0.2)
    metaclass (0.0.4)
    minitest (5.9.1)
    mocha (1.1.0)
      metaclass (~> 0.0.1)
    mocha-on-bacon (0.2.2)
      mocha (>= 0.13.0)
    molinillo (0.5.1)
    multi_json (1.11.2)
    nap (1.1.0)
    netrc (0.7.8)
    notify (0.5.2)
    parser (2.3.0.7)
      ast (~> 2.2)
    powerpack (0.1.1)
    prettybacon (0.0.2)
      bacon (~> 1.2)
    rainbow (2.1.0)
    rake (10.4.2)
    rb-fsevent (0.9.5)
    rb-inotify (0.9.5)
      ffi (>= 0.5.0)
    rb-kqueue (0.2.4)
      ffi (>= 0.5.0)
    rubocop (0.39.0)
      parser (>= 2.3.0.7, < 3.0)
      powerpack (~> 0.1)
      rainbow (>= 1.99.1, < 3.0)
      ruby-progressbar (~> 1.7)
      unicode-display_width (~> 1.0, >= 1.0.1)
    ruby-progressbar (1.7.5)
    safe_yaml (1.0.4)
    simplecov (0.9.2)
      docile (~> 1.1.0)
      multi_json (~> 1.0)
      simplecov-html (~> 0.9.0)
    simplecov-html (0.9.0)
    thread_safe (0.3.5)
    tzinfo (1.2.2)
      thread_safe (~> 0.1)
    unicode-display_width (1.0.3)
    webmock (1.21.0)
      addressable (>= 2.3.6)
      crack (>= 0.3.2)
    xcodeproj (1.3.2)
      activesupport (>= 3)
      claide (>= 1.0.1, < 2.0)
      colored (~> 1.2)

PLATFORMS
  ruby

DEPENDENCIES
  bacon
  bundler (~> 1.3)
  claide!
  cocoapods!
  cocoapods-core!
  cocoapods-trunk!
  codeclimate-test-reporter
  json!
  kicker
  mocha
  mocha-on-bacon
  prettybacon
  rake (~> 10.0)
  rubocop
  webmock

BUNDLED WITH
   1.13.5
